GEM
  remote: https://rubygems.org/
  specs:
    highline (2.0.3)
    options (2.3.2)
    progress_bar (1.3.3)
      highline (>= 1.6, < 3)
      options (~> 2.3.0)
    terminal-table (3.0.2)
      unicode-display_width (>= 1.1.1, < 3)
    unicode-display_width (2.3.0)

PLATFORMS
  x86_64-linux

DEPENDENCIES
  progress_bar (~> 1.3)
  terminal-table (~> 3.0)

BUNDLED WITH
   2.3.11
