GEM
  remote: https://rubygems.org/
  specs:
    concurrent-ruby (1.3.5)
    highline (3.1.2)
      reline
    io-console (0.8.0)
    options (2.3.2)
    progress_bar (1.3.4)
      highline (>= 1.6)
      options (~> 2.3.0)
    reline (0.6.1)
      io-console (~> 0.5)
    terminal-table (3.0.2)
      unicode-display_width (>= 1.1.1, < 3)
    unicode-display_width (2.6.0)

PLATFORMS
  ruby
  x86_64-linux

DEPENDENCIES
  concurrent-ruby
  progress_bar (~> 1.3)
  terminal-table (~> 3.0)

BUNDLED WITH
   2.6.2
